PATH
  remote: .
  specs:
    redeem (0.0.1)
      activemodel (~> 3.0.0)

GEM
  remote: http://rubygems.org/
  specs:
    activemodel (3.0.3)
      activesupport (= 3.0.3)
      builder (~> 2.1.2)
      i18n (~> 0.4)
    activesupport (3.0.3)
    builder (2.1.2)
    diff-lcs (1.1.2)
    i18n (0.5.0)
    rspec (2.0.1)
      rspec-core (~> 2.0.1)
      rspec-expectations (~> 2.0.1)
      rspec-mocks (~> 2.0.1)
    rspec-core (2.0.1)
    rspec-expectations (2.0.1)
      diff-lcs (>= 1.1.2)
    rspec-mocks (2.0.1)
      rspec-core (~> 2.0.1)
      rspec-expectations (~> 2.0.1)

PLATFORMS
  ruby

DEPENDENCIES
  activemodel (~> 3.0.0)
  bundler (>= 1.0.0)
  redeem!
  rspec (~> 2.0.0)
